PATH
  remote: .
  specs:
    scrapi (2.0.0)
      tidy_ffi (>= 0.1.2)

GEM
  remote: https://rubygems.org/
  specs:
    ffi (1.9.10)
    power_assert (0.2.4)
    rake (10.4.2)
    test-unit (3.1.5)
      power_assert
    tidy_ffi (0.1.6)
      ffi (~> 1.2)

PLATFORMS
  ruby

DEPENDENCIES
  rake
  scrapi!
  test-unit

BUNDLED WITH
   1.10.6
