PATH
  remote: .
  specs:
    scrapi (2.0.0)
      tidy_ffi (>= 0.1.2)

GEM
  remote: http://rubygems.org/
  specs:
    ffi (1.10.0)
    tidy_ffi (1.0.0)
      ffi (~> 1.2)

PLATFORMS
  ruby

DEPENDENCIES
  scrapi!
